GEM
  remote: http://rubygems.org/
  specs:
    actionpack (2.3.2)
      activesupport (= 2.3.2)
    activesupport (2.3.2)
    addressable (2.2.6)
    amatch (0.2.5)
    crack (0.1.8)
    diff-lcs (1.1.2)
    mash (0.1.1)
    muni (0.0.2)
      actionpack
      amatch
      mash
      thor
      xml-simple
    rack (1.3.0)
    rack-test (0.6.0)
      rack (>= 1.0)
    rspec (2.6.0)
      rspec-core (~> 2.6.0)
      rspec-expectations (~> 2.6.0)
      rspec-mocks (~> 2.6.0)
    rspec-core (2.6.4)
    rspec-expectations (2.6.0)
      diff-lcs (~> 1.1.2)
    rspec-mocks (2.6.0)
    sinatra (1.2.6)
      rack (~> 1.1)
      tilt (>= 1.2.2, < 2.0)
    thor (0.14.6)
    tilt (1.3.2)
    webmock (1.6.4)
      addressable (~> 2.2, > 2.2.5)
      crack (>= 0.1.7)
    xml-simple (1.1.0)

PLATFORMS
  ruby

DEPENDENCIES
  muni
  rack-test (= 0.6.0)
  rspec (= 2.6.0)
  sinatra
  webmock (= 1.6.4)
